GEM
  specs:
    dotenv (2.0.1)
    httparty (0.13.3)
      json (~> 1.8)
      multi_xml (>= 0.5.2)
    json (1.8.2)
    multi_xml (0.5.5)
    rake (10.4.2)
    redis (3.2.1)

PLATFORMS
  ruby

DEPENDENCIES
  dotenv
  httparty
  rake
  redis
