GEM
  remote: http://rubygems.org/
  specs:
    aggregate (0.2.2)
    dotenv (2.2.1)
    faraday (0.12.1)
      multipart-post (>= 1.2, < 3)
    httparty (0.15.2)
      multi_xml (>= 0.5.2)
    librato-metrics (2.1.2)
      aggregate (~> 0.2.2)
      faraday
    multi_xml (0.6.0)
    multipart-post (2.0.0)
    rake (12.0.0)
    redis (3.3.3)

PLATFORMS
  ruby

DEPENDENCIES
  dotenv
  httparty
  librato-metrics
  rake
  redis

RUBY VERSION
   ruby 2.3.0p0

BUNDLED WITH
   1.14.6
