GEM
  remote: http://rubygems.org/
  specs:
    aggregate (0.2.2)
    daemons (1.2.4)
    dotenv (2.2.1)
    eventmachine (1.2.3)
    faraday (0.12.1)
      multipart-post (>= 1.2, < 3)
    foreman (0.84.0)
      thor (~> 0.19.1)
    httparty (0.15.2)
      multi_xml (>= 0.5.2)
    librato-metrics (2.1.2)
      aggregate (~> 0.2.2)
      faraday
    multi_xml (0.6.0)
    multipart-post (2.0.0)
    mustermann (1.0.0)
    rack (2.0.2)
    rack-protection (2.0.0)
      rack
    rake (12.0.0)
    sinatra (2.0.0)
      mustermann (~> 1.0)
      rack (~> 2.0)
      rack-protection (= 2.0.0)
      tilt (~> 2.0)
    thin (1.7.0)
      daemons (~> 1.0, >= 1.0.9)
      eventmachine (~> 1.0, >= 1.0.4)
      rack (>= 1, < 3)
    thor (0.19.4)
    tilt (2.0.7)

PLATFORMS
  ruby

DEPENDENCIES
  dotenv
  foreman
  httparty
  librato-metrics
  rake
  sinatra
  thin

RUBY VERSION
   ruby 2.4.0p0

BUNDLED WITH
   1.14.6
