GEM
  remote: http://rubygems.org/
  specs:
    aggregate (0.2.2)
    dotenv (2.0.1)
    faraday (0.9.2)
      multipart-post (>= 1.2, < 3)
    httparty (0.13.3)
      json (~> 1.8)
      multi_xml (>= 0.5.2)
    json (1.8.2)
    librato-metrics (1.6.1)
      aggregate (~> 0.2.2)
      faraday (~> 0.7)
      multi_json
    multi_json (1.12.1)
    multi_xml (0.5.5)
    multipart-post (2.0.0)
    rake (10.4.2)
    redis (3.2.1)

PLATFORMS
  ruby

DEPENDENCIES
  dotenv
  httparty
  librato-metrics
  rake
  redis

BUNDLED WITH
   1.11.2
